GEM
  remote: http://rubygems.org/
  specs:
    activemodel (3.0.10)
      activesupport (= 3.0.10)
      builder (~> 2.1.2)
      i18n (~> 0.5.0)
    activerecord (3.0.10)
      activemodel (= 3.0.10)
      activesupport (= 3.0.10)
      arel (~> 2.0.10)
      tzinfo (~> 0.3.23)
    activesupport (3.0.10)
    arel (2.0.10)
    builder (2.1.2)
    capistrano (2.8.0)
      highline
      net-scp (>= 1.0.0)
      net-sftp (>= 2.0.0)
      net-ssh (>= 2.0.14)
      net-ssh-gateway (>= 1.1.0)
    capistrano-ext (1.2.1)
      capistrano (>= 1.0.0)
    coderay (0.9.8)
    daemons (1.1.4)
    eventmachine (0.12.10)
    highline (1.6.2)
    i18n (0.5.0)
    json (1.5.3)
    method_source (0.6.0)
      ruby_parser (>= 2.0.5)
    mysql2 (0.3.7)
    net-scp (1.0.4)
      net-ssh (>= 1.99.1)
    net-sftp (2.0.5)
      net-ssh (>= 2.0.9)
    net-ssh (2.2.0)
    net-ssh-gateway (1.1.0)
      net-ssh (>= 1.99.1)
    pry (0.9.3)
      coderay (>= 0.9.8)
      method_source (>= 0.6.0)
      ruby_parser (>= 2.0.5)
      slop (~> 1.9.0)
    rack (1.3.2)
    rake (0.9.2)
    ruby_parser (2.1.0)
      sexp_processor (~> 3.0)
    sexp_processor (3.0.6)
    sinatra (1.2.6)
      rack (~> 1.1)
      tilt (< 2.0, >= 1.2.2)
    slop (1.9.1)
    sqlite3 (1.3.4)
    thin (1.2.11)
      daemons (>= 1.0.9)
      eventmachine (>= 0.12.6)
      rack (>= 1.0.0)
    tilt (1.3.2)
    tzinfo (0.3.29)

PLATFORMS
  ruby

DEPENDENCIES
  activerecord
  capistrano
  capistrano-ext
  json
  mysql2
  pry
  rake
  sinatra
  sqlite3
  thin
