GEM
  remote: http://rubygems.org/
  specs:
    archive-tar-minitar (0.5.2)
    capistrano (2.8.0)
      highline
      net-scp (>= 1.0.0)
      net-sftp (>= 2.0.0)
      net-ssh (>= 2.0.14)
      net-ssh-gateway (>= 1.1.0)
    erubis (2.7.0)
    ffi (1.0.9)
    highline (1.6.2)
    i18n (0.5.0)
    json (1.5.3)
    net-scp (1.0.4)
      net-ssh (>= 1.99.1)
    net-sftp (2.0.5)
      net-ssh (>= 2.0.9)
    net-ssh (2.1.4)
    net-ssh-gateway (1.1.0)
      net-ssh (>= 1.99.1)
    thor (0.14.6)
    vagrant (0.8.2)
      archive-tar-minitar (= 0.5.2)
      erubis (~> 2.7.0)
      i18n (~> 0.5.0)
      json (~> 1.5.1)
      net-scp (~> 1.0.4)
      net-ssh (~> 2.1.4)
      thor (~> 0.14.6)
      virtualbox (~> 0.9.1)
    virtualbox (0.9.1)
      ffi (~> 1.0.9)

PLATFORMS
  ruby

DEPENDENCIES
  capistrano
  vagrant (~> 0.8.2)
